GEM
  remote: https://rubygems.org/
  specs:
    coderay (1.1.2)
    method_source (0.9.2)
    pry (0.12.2)
      coderay (~> 1.1.0)
      method_source (~> 0.9.0)
<<<<<<< HEAD
    sqlite3 (1.3.11)
=======
    sqlite3 (1.4.0)
>>>>>>> 115e517d546df03615c0c83dd4ae8e645ead5f0d

PLATFORMS
  ruby

DEPENDENCIES
  pry
  sqlite3

BUNDLED WITH
   2.0.1
